GEM
  remote: https://rubygems.org/
  specs:
    titleize (1.4.1)

PLATFORMS
  ruby

DEPENDENCIES
  titleize (~> 1.4)

BUNDLED WITH
   2.2.22
